GEM
  remote: https://rubygems.org/
  specs:
    coderay (1.1.0)
    metaclass (0.0.4)
    method_source (0.8.2)
    mocha (1.1.0)
      metaclass (~> 0.0.1)
    pry (0.10.1)
      coderay (~> 1.1.0)
      method_source (~> 0.8.1)
      slop (~> 3.4)
    rake (10.4.2)
    shoulda-context (1.2.1)
    slop (3.6.0)

PLATFORMS
  ruby

DEPENDENCIES
  mocha (~> 1.1.0)
  pry (~> 0.10.0)
  rake (~> 10.4.0)
  shoulda-context (~> 1.2.0)
